{
	"Modality": "MR",
	"MagneticFieldStrength": 3,
	"ImagingFrequency": 123.16706,
	"Manufacturer": "Siemens",
	"ManufacturersModelName": "MAGNETOM Prisma",
	"InstitutionName": "Boston Childrens Hospital",
	"InstitutionalDepartmentName": "MRI",
	"InstitutionAddress": "Brookline Place 2,Brookline,Boston,US,02445",
	"DeviceSerialNumber": "166200",
	"StationName": "AWP166200",
	"BodyPartExamined": "BRAIN",
	"PatientPosition": "HFS",
	"ProcedureStepDescription": "AlexCohen NFB NFB-P00041318",
	"SoftwareVersions": "syngo MR XA30",
	"MRAcquisitionType": "2D",
	"SeriesDescription": "func-bold_task-NFB1",
	"ProtocolName": "func-bold_task-NFB1",
	"ScanningSequence": "EP",
	"SequenceVariant": "SK",
	"ScanOptions": "FS",
	"PulseSequenceName": "*epfid2d1_90",
	"ImageType": ["ORIGINAL", "PRIMARY", "FMRI", "NONE"],
	"ImageTypeText": ["ORIGINAL", "PRIMARY", "M", "ND"],
	"NonlinearGradientCorrection": false,
	"SeriesNumber": 16,
	"AcquisitionTime": "16:19:27.250000",
	"AcquisitionNumber": 27,
	"ImageComments": "P00041318",
	"SliceThickness": 2.4,
	"SpacingBetweenSlices": 2.4,
	"EchoTime": 0.03,
	"RepetitionTime": 1.06,
	"MTState": false,
	"FlipAngle": 52,
	"PartialFourier": 1,
	"BaseResolution": 90,
	"ShimSetting": [
		1400,
		-7043,
		-2903,
		466,
		10,
		-350,
		-144,
		-52	],
	"TxRefAmp": 210.713,
	"PhaseResolution": 1,
	"ReceiveCoilName": "HeadNeck_64",
	"ReceiveCoilActiveElements": "HC1-7",
	"CoilString": "HeadNeck_64",
	"PulseSequenceDetails": "%SiemensSeq%\\ep2d_bold",
	"RefLinesPE": 22,
	"CoilCombinationMethod": "Sum of Squares",
	"MultibandAccelerationFactor": 4,
	"PercentPhaseFOV": 100,
	"PercentSampling": 100,
	"EchoTrainLength": 90,
	"PhaseEncodingSteps": 90,
	"FrequencyEncodingSteps": 90,
	"AcquisitionMatrixPE": 90,
	"ReconMatrixPE": 90,
	"BandwidthPerPixelPhaseEncode": 22.222,
	"ParallelAcquisitionTechnique": "SMS",
	"EffectiveEchoSpacing": 0.000500005,
	"DerivedVendorReportedEchoSpacing": 0.000500005,
	"AcquisitionDuration": 309.97,
	"TotalReadoutTime": 0.0445004,
	"PixelBandwidth": 2525,
	"DwellTime": 2.2e-06,
	"PhaseEncodingDirection": "j-",
	"SliceTiming": [
		0,
		0.5525,
		0.0675,
		0.6225,
		0.1375,
		0.6925,
		0.2075,
		0.7625,
		0.2775,
		0.83,
		0.345,
		0.9,
		0.415,
		0.97,
		0.485,
		0,
		0.5525,
		0.0675,
		0.6225,
		0.1375,
		0.6925,
		0.2075,
		0.7625,
		0.2775,
		0.83,
		0.345,
		0.9,
		0.415,
		0.97,
		0.485,
		0,
		0.5525,
		0.0675,
		0.6225,
		0.1375,
		0.6925,
		0.2075,
		0.7625,
		0.2775,
		0.83,
		0.345,
		0.9,
		0.415,
		0.97,
		0.485,
		0,
		0.5525,
		0.0675,
		0.6225,
		0.1375,
		0.6925,
		0.2075,
		0.7625,
		0.2775,
		0.83,
		0.345,
		0.9,
		0.415,
		0.97,
		0.485	],
	"ImageOrientationPatientDICOM": [
		0.999704,
		-0.00447284,
		0.0239061,
		0.00523449,
		0.999478,
		-0.0318933	],
	"InPlanePhaseEncodingDirectionDICOM": "COL",
	"BidsGuess": ["func","_acq-epfid2m4_dir-AP_run-16_bold"],
	"ConversionSoftware": "dcm2niix",
	"ConversionSoftwareVersion": "v1.0.20240202"
}
